PATH
  remote: .
  specs:
    flight (0.1.2)
      builder
      emitter (~> 0.1.8)

GEM
  remote: http://rubygems.org/
  specs:
    GData (0.0.4)
      builder (>= 2.1.2)
      hoe (>= 1.2.1)
    aaronh-chronic (0.3.9)
    activemodel (3.0.1)
      activesupport (= 3.0.1)
      builder (~> 2.1.2)
      i18n (~> 0.4.1)
    activerecord (3.0.1)
      activemodel (= 3.0.1)
      activesupport (= 3.0.1)
      arel (~> 1.0.0)
      tzinfo (~> 0.3.23)
    activesupport (3.0.1)
    amatch (0.2.5)
    andand (1.3.1)
    arel (1.0.1)
      activesupport (~> 3.0.0)
    blockenspiel (0.3.2)
    builder (2.1.2)
    characterizable (0.0.17)
      activesupport (>= 2.3.5)
      blockenspiel (>= 0.3.2)
    cohort_scope (0.1.0)
      activerecord (>= 3.0.0.beta4)
      activesupport (>= 3.0.0.beta4)
    common_name (0.1.5)
      activesupport (>= 2.3.4)
    conversions (1.4.5)
      activesupport (>= 2.3.4)
    cucumber (0.9.3)
      builder (~> 2.1.2)
      diff-lcs (~> 1.1.2)
      gherkin (~> 2.2.9)
      json (~> 1.4.6)
      term-ansicolor (~> 1.0.5)
    data_miner (0.5.5)
      activerecord (>= 2.3.4)
      activesupport (>= 2.3.4)
      andand (>= 1.3.1)
      blockenspiel (= 0.3.2)
      conversions (>= 1.4.4)
      errata (>= 0.2.1)
      escape (>= 0.0.4)
      log4r (>= 1.1.7)
      remote_table (~> 0.2.32)
      taps (>= 0.3.11)
    diff-lcs (1.1.2)
    earth (0.2.6)
      activerecord (>= 3.0.0.beta4)
      cohort_scope (>= 0.0.7)
      conversions (>= 1.4.5)
      data_miner (~> 0.5.5)
      falls_back_on (>= 0.0.3)
      geokit (>= 1.5.0)
      loose_tight_dictionary (>= 0.0.8)
      weighted_average (>= 0.0.4)
    emitter (0.1.8)
      activesupport (>= 3.0.0)
      characterizable (>= 0.0.16)
      cohort_scope (~> 0.1.0)
      data_miner (~> 0.5.5)
      earth (~> 0.2.6)
      falls_back_on (= 0.0.3)
      fast_timestamp (>= 0.0.4)
      leap (~> 0.4.4)
      summary_judgement (>= 1.3.8)
      timeframe (>= 0.0.8)
      weighted_average (>= 0.0.4)
    errata (0.2.4)
      activesupport (>= 2.3.4)
      remote_table (>= 0.2.31)
    escape (0.0.4)
    falls_back_on (0.0.3)
      activerecord
    fast_timestamp (0.0.4)
    gemcutter (0.6.1)
    geokit (1.5.0)
    gherkin (2.2.9)
      json (~> 1.4.6)
      term-ansicolor (~> 1.0.5)
    git (1.2.5)
    hoe (2.6.2)
      rake (>= 0.8.7)
      rubyforge (>= 2.0.4)
    hpricot (0.8.2)
    i18n (0.4.2)
    jeweler (1.4.0)
      gemcutter (>= 0.1.0)
      git (>= 1.2.5)
      rubyforge (>= 2.0.0)
    json (1.4.6)
    json_pure (1.4.6)
    leap (0.4.4)
      activesupport (~> 3.0.0)
      blockenspiel (>= 0.3.2)
      builder (~> 2.1.2)
    libxml-ruby (1.1.4)
    log4r (1.1.9)
    loose_tight_dictionary (0.0.9)
      activesupport (>= 2.3.4)
      amatch (>= 0.2.5)
      andand (>= 1.3.1)
    mime-types (1.16)
    nokogiri (1.4.3.1)
    rack (1.2.1)
    rake (0.8.7)
    rdoc (2.5.11)
    remote_table (0.2.32)
      activesupport (>= 2.3.4)
      escape (>= 0.0.4)
      nokogiri (>= 1.4.1)
      roo (= 1.3.11)
      slither (>= 0.99.4)
    rest-client (1.6.1)
      mime-types (>= 1.16)
    roo (1.3.11)
      GData (>= 0.0.4)
      hpricot (>= 0.6)
      libxml-ruby (>= 1.1.3)
      rubyzip (>= 0.9.1)
      spreadsheet (>= 0.6.4)
    rspec (2.0.1)
      rspec-core (~> 2.0.1)
      rspec-expectations (~> 2.0.1)
      rspec-mocks (~> 2.0.1)
    rspec-core (2.0.1)
    rspec-expectations (2.0.1)
      diff-lcs (>= 1.1.2)
    rspec-mocks (2.0.1)
      rspec-core (~> 2.0.1)
      rspec-expectations (~> 2.0.1)
    ruby-ole (1.2.11.1)
    rubyforge (2.0.4)
      json_pure (>= 1.1.7)
    rubyzip (0.9.4)
    sequel (3.15.0)
    sinatra (1.0)
      rack (>= 1.0)
    slither (0.99.4)
    sniff (0.2.3)
      aaronh-chronic (~> 0.3.9)
      activerecord (~> 3.0.0)
      activesupport (~> 3.0.0)
      common_name (~> 0.1.5)
      earth (~> 0.2.6)
      fast_timestamp (~> 0.0.4)
      sqlite3-ruby (~> 1.3.0)
      timeframe (~> 0.0.8)
    spreadsheet (0.6.4.1)
      ruby-ole
    sqlite3-ruby (1.3.1)
    summary_judgement (1.3.8)
      activesupport (>= 2.3.4)
      verbs (>= 2.0.6)
    taps (0.3.13)
      json_pure (>= 1.2.0, < 1.5.0)
      rack (>= 1.0.1)
      rest-client (>= 1.4.0, < 1.7.0)
      sequel (~> 3.15.0)
      sinatra (~> 1.0.0)
      sqlite3-ruby (~> 1.2)
    term-ansicolor (1.0.5)
    timeframe (0.0.8)
      activesupport (>= 2.3.5)
    tzinfo (0.3.23)
    verbs (2.0.9)
      activesupport (>= 2.3.4)
      andand (>= 1.3.1)
    weighted_average (0.0.5)
      activerecord (>= 3.0.0.beta2)
      arel (>= 0.3.3)

PLATFORMS
  ruby

DEPENDENCIES
  activerecord (~> 3.0.1)
  builder
  bundler (~> 1.0.0)
  cucumber
  emitter (~> 0.1.8)
  flight!
  jeweler (~> 1.4.0)
  rake
  rdoc
  rspec (= 2.0.1)
  sniff (~> 0.2.0)
