PATH
  remote: .
  specs:
    flight (0.1.11)
      builder
      earth (~> 0.4.1)
      emitter (~> 0.4)

GEM
  remote: http://rubygems.org/
  specs:
    aaronh-chronic (0.3.9)
    activemodel (3.0.3)
      activesupport (= 3.0.3)
      builder (~> 2.1.2)
      i18n (~> 0.4)
    activerecord (3.0.3)
      activemodel (= 3.0.3)
      activesupport (= 3.0.3)
      arel (~> 2.0.2)
      tzinfo (~> 0.3.23)
    activesupport (3.0.3)
    amatch (0.2.5)
    andand (1.3.1)
    arel (2.0.7)
    blockenspiel (0.4.1)
    bueller (0.0.4)
      bundler (~> 1.0.9)
      git (>= 1.2.5)
      rake
    builder (2.1.2)
    characterizable (0.1.2)
      activesupport (>= 2.3.5)
      blockenspiel (>= 0.3.2)
    cohort_scope (0.1.4)
      activerecord (>= 3.0.0.beta4)
      activesupport (>= 3.0.0.beta4)
    common_name (0.1.5)
      activesupport (>= 2.3.4)
    conversions (1.4.5)
      activesupport (>= 2.3.4)
    cucumber (0.10.0)
      builder (>= 2.1.2)
      diff-lcs (~> 1.1.2)
      gherkin (~> 2.3.2)
      json (~> 1.4.6)
      term-ansicolor (~> 1.0.5)
    data_miner (1.1.4)
      activerecord (>= 2.3.4)
      activesupport (>= 2.3.4)
      blockenspiel (>= 0.3.2)
      conversions (>= 1.4.4)
      errata (>= 1.0.1)
      escape (>= 0.0.4)
      remote_table (>= 1.1.0)
      taps (>= 0.3.11)
    diff-lcs (1.1.2)
    earth (0.4.1)
      activerecord (~> 3)
      cohort_scope (>= 0.0.7)
      conversions (>= 1.4.5)
      data_miner (~> 1.1.1)
      errata
      falls_back_on (>= 0.0.3)
      geokit (>= 1.5.0)
      geokit-rails
      loose_tight_dictionary (>= 0.0.8)
      weighted_average (>= 0.0.4)
    emitter (0.4.1)
      activesupport (>= 2.3.4)
      characterizable
      cohort_scope
      data_miner (>= 1.1)
      earth
      falls_back_on
      leap
      summary_judgement
      timeframe
      weighted_average
    errata (1.0.1)
      activesupport (>= 2.3.4)
      remote_table (~> 1)
    escape (0.0.4)
    falls_back_on (0.0.3)
      activerecord
    fast_timestamp (0.0.4)
    fastercsv (1.5.4)
    gemcutter (0.6.1)
    geokit (1.5.0)
    geokit-rails (1.1.4)
      geokit (>= 1.5.0)
    gherkin (2.3.3)
      json (~> 1.4.6)
    git (1.2.5)
    google-spreadsheet-ruby (0.1.2)
      nokogiri (>= 1.4.3.1)
      oauth (>= 0.3.6)
    i18n (0.5.0)
    jeweler (1.4.0)
      gemcutter (>= 0.1.0)
      git (>= 1.2.5)
      rubyforge (>= 2.0.0)
    json (1.4.6)
    json_pure (1.5.1)
    leap (0.4.6)
      activesupport (>= 2.3.4)
      blockenspiel (>= 0.3.2)
      builder
      i18n
    loose_tight_dictionary (0.0.9)
      activesupport (>= 2.3.4)
      amatch (>= 0.2.5)
      andand (>= 1.3.1)
    mime-types (1.16)
    mustache (0.12.0)
    nokogiri (1.4.4)
    oauth (0.4.4)
    rack (1.2.1)
    rake (0.8.7)
    rcov (0.9.9)
    rdiscount (1.6.8)
    rdoc (3.4)
    remote_table (1.1.0)
      activesupport (>= 2.3.4)
      builder
      escape (>= 0.0.4)
      fastercsv (>= 1.5.0)
      google-spreadsheet-ruby
      i18n
      nokogiri (>= 1.4.1)
      roo (~> 1.9)
      slither (>= 0.99.4)
      spreadsheet
      zip
    rest-client (1.6.1)
      mime-types (>= 1.16)
    rocco (0.5)
      mustache
      rdiscount
    roo (1.9.3)
    rspec (2.0.1)
      rspec-core (~> 2.0.1)
      rspec-expectations (~> 2.0.1)
      rspec-mocks (~> 2.0.1)
    rspec-core (2.0.1)
    rspec-expectations (2.0.1)
      diff-lcs (>= 1.1.2)
    rspec-mocks (2.0.1)
      rspec-core (~> 2.0.1)
      rspec-expectations (~> 2.0.1)
    ruby-ole (1.2.11.1)
    rubyforge (2.0.4)
      json_pure (>= 1.1.7)
    sequel (3.17.0)
    sinatra (1.0)
      rack (>= 1.0)
    slither (0.99.4)
    sniff (0.6.1)
      aaronh-chronic (~> 0.3.9)
      activerecord (~> 3.0.0)
      activesupport (~> 3.0.0)
      bueller (~> 0.0.4)
      common_name (~> 0.1.5)
      cucumber (~> 0.10.0)
      earth
      fast_timestamp (~> 0.0.4)
      rake
      rcov
      rdoc
      rocco
      rspec (~> 2.0.0)
      sqlite3-ruby (~> 1.3.0)
      timecop
      timeframe (~> 0.0.8)
    spreadsheet (0.6.5.2)
      ruby-ole (>= 1.0)
    sqlite3 (1.3.3)
    sqlite3-ruby (1.3.3)
      sqlite3 (>= 1.3.3)
    summary_judgement (1.3.8)
      activesupport (>= 2.3.4)
      verbs (>= 2.0.6)
    taps (0.3.15)
      json (~> 1.4.6)
      rack (>= 1.0.1)
      rest-client (>= 1.4.0, < 1.7.0)
      sequel (~> 3.17.0)
      sinatra (~> 1.0.0)
      sqlite3-ruby (~> 1.2)
    term-ansicolor (1.0.5)
    timecop (0.3.5)
    timeframe (0.0.8)
      activesupport (>= 2.3.5)
    tzinfo (0.3.24)
    verbs (2.0.9)
      activesupport (>= 2.3.4)
      andand (>= 1.3.1)
    weighted_average (0.0.6)
      activerecord (~> 3)
      arel (~> 2)
    zip (2.0.2)

PLATFORMS
  ruby

DEPENDENCIES
  activerecord (~> 3)
  bundler (~> 1.0)
  cucumber
  flight!
  jeweler (~> 1.4.0)
  rake
  rdoc
  rspec (~> 2)
  sniff (~> 0.6)
