GEM
  remote: http://rubygems.org/
  specs:
    GData (0.0.4)
      builder (>= 2.1.2)
      hoe (>= 1.2.1)
    activemodel (3.0.0.beta4)
      activesupport (= 3.0.0.beta4)
      builder (~> 2.1.2)
      i18n (~> 0.4.1)
    activerecord (3.0.0.beta4)
      activemodel (= 3.0.0.beta4)
      activesupport (= 3.0.0.beta4)
      arel (~> 0.4.0)
      tzinfo (~> 0.3.16)
    activesupport (3.0.0.beta4)
    andand (1.3.1)
    arel (0.4.0)
      activesupport (>= 3.0.0.beta)
    blockenspiel (0.3.2)
    builder (2.1.2)
    characterizable (0.0.16)
      activesupport (>= 2.3.5)
      blockenspiel (>= 0.3.2)
    cohort_scope (0.0.7)
      activerecord (>= 3.0.0.beta4)
      activesupport (>= 3.0.0.beta4)
    common_name (0.1.5)
      activesupport (>= 2.3.4)
    conversions (1.4.5)
      activesupport (>= 2.3.4)
    cucumber (0.8.3)
      builder (~> 2.1.2)
      diff-lcs (~> 1.1.2)
      gherkin (~> 2.0.2)
      json_pure (~> 1.4.3)
      term-ansicolor (~> 1.0.4)
    data_miner (0.5.2)
      activerecord (>= 2.3.4)
      activesupport (>= 2.3.4)
      andand (>= 1.3.1)
      blockenspiel (= 0.3.2)
      conversions (>= 1.4.4)
      errata (>= 0.2.1)
      escape (>= 0.0.4)
      log4r (>= 1.1.7)
      remote_table (>= 0.2.27)
      taps (= 0.3.11)
    diff-lcs (1.1.2)
    earth (0.0.24)
      activerecord (>= 3.0.0.beta4)
      cohort_scope (>= 0.0.6)
      conversions (>= 1.4.5)
      data_miner (>= 0.5.2)
      falls_back_on (>= 0.0.2)
      geokit (>= 1.5.0)
    emitter (0.0.4)
      activesupport (>= 3.0.0.beta4)
      characterizable (>= 0.0.16)
      cohort_scope (>= 0.0.7)
      data_miner (>= 0.5.2)
      earth (>= 0.0.24)
      falls_back_on (>= 0.0.2)
      fast_timestamp (>= 0.0.4)
      leap (>= 0.4.3)
      summary_judgement (>= 1.3.8)
      timeframe (>= 0.0.8)
      weighted_average (>= 0.0.4)
    errata (0.2.3)
      activesupport (>= 2.3.4)
      remote_table (>= 0.2.20)
    escape (0.0.4)
    falls_back_on (0.0.2)
      activerecord
    fast_timestamp (0.0.4)
    fastercsv (1.5.3)
    gemcutter (0.6.1)
    geokit (1.5.0)
    gherkin (2.0.2)
      trollop (~> 1.16.2)
    git (1.2.5)
    hoe (2.6.1)
      rake (>= 0.8.7)
      rubyforge (>= 2.0.4)
    hpricot (0.8.2)
    i18n (0.4.1)
    jeweler (1.4.0)
      gemcutter (>= 0.1.0)
      git (>= 1.2.5)
      rubyforge (>= 2.0.0)
    json_pure (1.4.6)
    leap (0.4.3)
      activesupport (>= 3.0.0.beta2)
      blockenspiel (>= 0.3.2)
    libxml-ruby (1.1.4)
    log4r (1.1.8)
    mime-types (1.16)
    nokogiri (1.4.3.1)
    rack (1.2.1)
    rake (0.8.7)
    rdoc (2.5.10)
    remote_table (0.2.27)
      activesupport (>= 2.3.4)
      escape (>= 0.0.4)
      fastercsv (>= 1.5.0)
      nokogiri (>= 1.4.1)
      roo (= 1.3.11)
      slither (>= 0.99.3)
    rest-client (1.4.2)
      mime-types (>= 1.16)
    roo (1.3.11)
      GData (>= 0.0.4)
      hpricot (>= 0.6)
      libxml-ruby (>= 1.1.3)
      rubyzip (>= 0.9.1)
      spreadsheet (>= 0.6.4)
    rspec (2.0.0.beta.17)
      rspec-core (= 2.0.0.beta.17)
      rspec-expectations (= 2.0.0.beta.17)
      rspec-mocks (= 2.0.0.beta.17)
    rspec-core (2.0.0.beta.17)
    rspec-expectations (2.0.0.beta.17)
      diff-lcs (>= 1.1.2)
    rspec-mocks (2.0.0.beta.17)
    ruby-ole (1.2.10.1)
    rubyforge (2.0.4)
      json_pure (>= 1.1.7)
    rubyzip (0.9.4)
    sequel (3.13.0)
    sinatra (1.0)
      rack (>= 1.0)
    slither (0.99.3)
    sniff (0.1.2)
      activerecord (= 3.0.0.beta4)
      activesupport (= 3.0.0.beta4)
      common_name (= 0.1.5)
      earth (>= 0.0.14)
      sqlite3-ruby (= 1.3.0)
      timeframe (= 0.0.8)
    spreadsheet (0.6.4.1)
      ruby-ole
    sqlite3-ruby (1.3.0)
    summary_judgement (1.3.8)
      activesupport (>= 2.3.4)
      verbs (>= 2.0.6)
    taps (0.3.11)
      json_pure (>= 1.2.0, < 1.5.0)
      rack (>= 1.0.1)
      rest-client (~> 1.4.0)
      sequel (~> 3.13.0)
      sinatra (~> 1.0.0)
      sqlite3-ruby (~> 1.2)
    term-ansicolor (1.0.5)
    timeframe (0.0.8)
      activesupport (>= 2.3.5)
    trollop (1.16.2)
    tzinfo (0.3.23)
    verbs (2.0.9)
      activesupport (>= 2.3.4)
      andand (>= 1.3.1)
    weighted_average (0.0.4)
      activerecord (>= 3.0.0.beta2)
      activesupport (>= 3.0.0.beta2)
      arel (>= 0.3.3)

PLATFORMS
  ruby

DEPENDENCIES
  activerecord (= 3.0.0.beta4)
  bundler (>= 1.0.0.beta.2)
  cucumber (= 0.8.3)
  emitter (>= 0.0.4)
  jeweler (= 1.4.0)
  rake
  rdoc
  rspec (= 2.0.0.beta.17)
  sniff (= 0.1.2)
